GIT
  remote: https://github.com/asenchi/scrolls.git
  revision: 741a206b8cee6c4ea98d32f9855e3f9deab2e25a
  specs:
    scrolls (0.2.1)

GEM
  remote: http://rubygems.org/
  specs:
    aggregate (0.2.2)
    atomic (1.0.1)
    aws-sdk (1.5.7)
      httparty (~> 0.7)
      json (~> 1.4)
      nokogiri (>= 1.4.4)
      uuidtools (~> 2.1)
    faraday (0.8.1)
      multipart-post (~> 1.1)
    httparty (0.8.3)
      multi_json (~> 1.0)
      multi_xml
    json (1.7.4)
    librato-metrics (0.7.0)
      aggregate (~> 0.2.2)
      faraday (~> 0.7)
      multi_json (~> 1.3)
    multi_json (1.3.6)
    multi_xml (0.5.1)
    multipart-post (1.1.5)
    nokogiri (1.5.5)
    uuidtools (2.1.3)

PLATFORMS
  ruby

DEPENDENCIES
  atomic
  aws-sdk
  librato-metrics
  scrolls!
