GIT
  remote: https://github.com/asenchi/scrolls.git
  revision: 741a206b8cee6c4ea98d32f9855e3f9deab2e25a
  specs:
    scrolls (0.2.1)

GEM
  remote: http://rubygems.org/
  specs:
    aggregate (0.2.2)
    atomic (1.0.1)
    faraday (0.8.1)
      multipart-post (~> 1.1)
    librato-metrics (0.7.0)
      aggregate (~> 0.2.2)
      faraday (~> 0.7)
      multi_json (~> 1.3)
    multi_json (1.3.6)
    multipart-post (1.1.5)

PLATFORMS
  ruby

DEPENDENCIES
  atomic
  librato-metrics
  scrolls!
